GIT
  remote: git://github.com/jipiboily/monologue.git
  revision: 7bad6d8a88340fdb1edb8fcf8d1ee9b886abc55b
  specs:
    monologue (0.4.0)
      bcrypt (~> 3.1.7)
      ckeditor
      coffee-rails (~> 4.0.0)
      jquery-rails
      rails (>= 4.0.4)
      sass-rails (~> 4.0.0)
      select2-rails (~> 3.2)
      truncate_html

GEM
  remote: http://rubygems.org/
  remote: https://rails-assets.org/
  specs:
    actionmailer (4.1.6)
      actionpack (= 4.1.6)
      actionview (= 4.1.6)
      mail (~> 2.5, >= 2.5.4)
    actionpack (4.1.6)
      actionview (= 4.1.6)
      activesupport (= 4.1.6)
      rack (~> 1.5.2)
      rack-test (~> 0.6.2)
    actionview (4.1.6)
      activesupport (= 4.1.6)
      builder (~> 3.1)
      erubis (~> 2.7.0)
    activemodel (4.1.6)
      activesupport (= 4.1.6)
      builder (~> 3.1)
    activerecord (4.1.6)
      activemodel (= 4.1.6)
      activesupport (= 4.1.6)
      arel (~> 5.0.0)
    activesupport (4.1.6)
      i18n (~> 0.6, >= 0.6.9)
      json (~> 1.7, >= 1.7.7)
      minitest (~> 5.1)
      thread_safe (~> 0.1)
      tzinfo (~> 1.1)
    addressable (2.3.6)
    arel (5.0.1.20140414130214)
    asset_sync (1.0.0)
      activemodel
      fog (>= 1.8.0)
    auto_html (1.6.3)
      redcarpet (~> 3.1)
      rinku (~> 1.5.0)
    autoscaler (0.9.0)
      heroku-api
      sidekiq (>= 2.7, < 3.1)
    aws-sdk (1.33.0)
      json (~> 1.4)
      nokogiri (>= 1.4.4)
      uuidtools (~> 2.1)
    bcrypt (3.1.7)
    bcrypt-ruby (3.1.5)
      bcrypt (>= 3.1.3)
    bootstrap-sass (3.1.1.0)
      sass (~> 3.2)
    bootstrap-will_paginate (0.0.10)
      will_paginate
    bootstrap3-datetimepicker-rails (3.1.3)
      momentjs-rails (>= 2.8.1)
    buftok (0.2.0)
    builder (3.2.2)
    bullet (4.13.1)
      activesupport (>= 3.0.0)
      uniform_notifier (>= 1.6.0)
    cancan (1.6.10)
    carrierwave (0.9.0)
      activemodel (>= 3.2.0)
      activesupport (>= 3.2.0)
      json (>= 1.7)
    cashier (0.4.1)
    celluloid (0.15.2)
      timers (~> 1.1.0)
    charlock_holmes (0.7.3)
    chart-js-rails (0.0.7)
      railties (> 3.1)
    chunky_png (1.3.1)
    ckeditor (4.0.11)
      mime-types
      orm_adapter (~> 0.5.0)
    coffee-rails (4.0.1)
      coffee-script (>= 2.2.0)
      railties (>= 4.0.0, < 5.0)
    coffee-script (2.2.0)
      coffee-script-source
      execjs
    coffee-script-source (1.7.0)
    compass (0.12.6)
      chunky_png (~> 1.2)
      fssm (>= 0.2.7)
      sass (~> 3.2.19)
    compass-rails (1.1.2)
      compass (>= 0.12.2)
    connection_pool (2.0.0)
    country_select (1.1.3)
    css_parser (1.3.5)
      addressable
    dalli (2.7.0)
    devise (3.2.2)
      bcrypt-ruby (~> 3.0)
      orm_adapter (~> 0.1)
      railties (>= 3.2.6, < 5)
      thread_safe (~> 0.1)
      warden (~> 1.2.3)
    devise_invitable (1.3.0)
      actionmailer (>= 3.2.6, < 5)
      devise (>= 3.1.0)
    diff-lcs (1.2.5)
    dotenv (0.11.1)
      dotenv-deployment (~> 0.0.2)
    dotenv-deployment (0.0.2)
    dotenv-rails (0.11.1)
      dotenv (= 0.11.1)
    draper (1.3.0)
      actionpack (>= 3.0)
      activemodel (>= 3.0)
      activesupport (>= 3.0)
      request_store (~> 1.0.3)
    em-proxy (0.1.8)
      eventmachine
    equalizer (0.0.9)
    erubis (2.7.0)
    escape (0.0.4)
    escape_utils (1.0.1)
    eventmachine (1.0.3)
    excon (0.25.3)
    execjs (2.2.0)
    faraday (0.9.0)
      multipart-post (>= 1.2, < 3)
    ffi (1.9.3)
    fog (1.15.0)
      builder
      excon (~> 0.25.0)
      formatador (~> 0.2.0)
      mime-types
      multi_json (~> 1.0)
      net-scp (~> 1.1)
      net-ssh (>= 2.1.3)
      nokogiri (~> 1.5)
      ruby-hmac
    font-awesome-rails (4.1.0.0)
      railties (>= 3.2, < 5.0)
    foreman (0.71.0)
      dotenv (~> 0.11.1)
      thor (~> 0.19.1)
    formatador (0.2.5)
    fssm (0.2.10)
    geocoder (1.2.5)
    gibbon (1.1.1)
      httparty
      multi_json (>= 1.3.4)
    github-linguist (2.11.5)
      charlock_holmes (~> 0.7.3)
      escape_utils (~> 1.0.1)
      mime-types (~> 1.19)
      pygments.rb (~> 0.5.4)
    gmaps4rails (2.1.2)
    google_visualr (2.2.0)
    hashie (2.1.2)
    hashr (0.0.22)
    heroku-api (0.3.15)
      excon (~> 0.25.1)
    heroku-forward (0.4.0)
      em-proxy (>= 0.1.8)
      ffi
      i18n (~> 0.6)
      spoon (~> 0.0.1)
    hike (1.2.3)
    hpricot (0.8.6)
    htmlentities (4.3.2)
    http (0.6.1)
      http_parser.rb (~> 0.6.0)
    http_parser.rb (0.6.0)
    httparty (0.13.1)
      json (~> 1.8)
      multi_xml (>= 0.5.2)
    httpauth (0.2.1)
    httpclient (2.4.0)
    i18n (0.6.11)
    impressionist (1.4.13)
      httpclient (~> 2.2)
      nokogiri (>= 1.5.0)
    ipcat (1.2.2)
    jquery-rails (3.0.4)
      railties (>= 3.0, < 5.0)
      thor (>= 0.14, < 2.0)
    jquery-ui-rails (4.1.0)
      railties (>= 3.1.0)
    json (1.8.1)
    jwt (0.1.13)
      multi_json (>= 1.5)
    kgio (2.9.2)
    libv8 (3.16.14.3)
    mail (2.6.1)
      mime-types (>= 1.16, < 3)
    memoizable (0.4.2)
      thread_safe (~> 0.3, >= 0.3.1)
    mime-types (1.25.1)
    mini_magick (3.7.0)
      subexec (~> 0.2.1)
    mini_portile (0.5.3)
    minitest (5.4.2)
    mixpanel (4.0.8)
      escape
      json
      rack
    momentjs-rails (2.8.1)
      railties (>= 3.1)
    multi_json (1.10.1)
    multi_xml (0.5.5)
    multipart-post (2.0.0)
    naught (1.0.0)
    nested_form (0.3.2)
    net-scp (1.2.1)
      net-ssh (>= 2.6.5)
    net-ssh (2.9.1)
    newrelic_rpm (3.6.9.171)
    nokogiri (1.6.0)
      mini_portile (~> 0.5.0)
    oauth (0.4.7)
    oauth2 (0.8.1)
      faraday (~> 0.8)
      httpauth (~> 0.1)
      jwt (~> 0.1.4)
      multi_json (~> 1.0)
      rack (~> 1.2)
    omniauth (1.2.1)
      hashie (>= 1.2, < 3)
      rack (~> 1.0)
    omniauth-facebook (1.5.1)
      omniauth-oauth2 (~> 1.1.0)
    omniauth-github (1.0.0)
      omniauth (~> 1.0)
      omniauth-oauth2 (~> 1.0)
    omniauth-gplus (1.2.0)
      omniauth-oauth2 (~> 1.1)
    omniauth-oauth (1.0.1)
      oauth
      omniauth (~> 1.0)
    omniauth-oauth2 (1.1.1)
      oauth2 (~> 0.8.0)
      omniauth (~> 1.0)
    omniauth-twitter (1.0.1)
      multi_json (~> 1.3)
      omniauth-oauth (~> 1.0)
    orm_adapter (0.5.0)
    pg (0.17.0)
    posix-spawn (0.3.8)
    premailer (1.8.2)
      css_parser (>= 1.3.5)
      htmlentities (>= 4.0.0)
    premailer-rails (1.7.0)
      actionmailer (>= 3, < 5)
      premailer (~> 1.7, >= 1.7.9)
    protected_attributes (1.0.7)
      activemodel (>= 4.0.1, < 5.0)
    pygments.rb (0.5.4)
      posix-spawn (~> 0.3.6)
      yajl-ruby (~> 1.1.0)
    quiet_assets (1.0.2)
      railties (>= 3.1, < 5.0)
    rack (1.5.2)
    rack-attack (4.1.0)
      rack
    rack-protection (1.5.3)
      rack
    rack-test (0.6.2)
      rack (>= 1.0)
    rack-timeout (0.0.4)
    rails (4.1.6)
      actionmailer (= 4.1.6)
      actionpack (= 4.1.6)
      actionview (= 4.1.6)
      activemodel (= 4.1.6)
      activerecord (= 4.1.6)
      activesupport (= 4.1.6)
      bundler (>= 1.3.0, < 2.0)
      railties (= 4.1.6)
      sprockets-rails (~> 2.0)
    rails-assets-medium-editor (1.8.14)
    rails-assets-underscore (1.7.0)
    rails-observers (0.1.2)
      activemodel (~> 4.0)
    rails_12factor (0.0.2)
      rails_serve_static_assets
      rails_stdout_logging
    rails_serve_static_assets (0.0.2)
    rails_stdout_logging (0.0.3)
    railties (4.1.6)
      actionpack (= 4.1.6)
      activesupport (= 4.1.6)
      rake (>= 0.8.7)
      thor (>= 0.18.1, < 2.0)
    raindrops (0.13.0)
    rake (10.3.2)
    redcarpet (3.1.2)
    redis (3.0.6)
    redis-namespace (1.5.0)
      redis (~> 3.0, >= 3.0.4)
    ref (1.0.5)
    request_store (1.0.6)
    rest-client (1.6.7)
      mime-types (>= 1.16)
    rinku (1.5.1)
    rspec-core (3.0.1)
      rspec-support (~> 3.0.0)
    rspec-expectations (3.0.1)
      diff-lcs (>= 1.2.0, < 2.0)
      rspec-support (~> 3.0.0)
    rspec-mocks (3.0.1)
      rspec-support (~> 3.0.0)
    rspec-rails (3.0.1)
      actionpack (>= 3.0)
      activesupport (>= 3.0)
      railties (>= 3.0)
      rspec-core (~> 3.0.0)
      rspec-expectations (~> 3.0.0)
      rspec-mocks (~> 3.0.0)
      rspec-support (~> 3.0.0)
    rspec-support (3.0.0)
    ruby-hmac (0.4.0)
    ruby-prof (0.15.1)
    sanitize (2.0.6)
      nokogiri (>= 1.4.4)
    sass (3.2.19)
    sass-rails (4.0.2)
      railties (>= 4.0.0, < 5.0)
      sass (~> 3.2.0)
      sprockets (~> 2.8, <= 2.11.0)
      sprockets-rails (~> 2.0.0)
    select2-rails (3.5.7)
      thor (~> 0.14)
    sendgrid (1.2.0)
      json
      json
    sidekiq (3.0.0)
      celluloid (>= 0.15.2)
      connection_pool (>= 2.0.0)
      json
      redis (>= 3.0.6)
      redis-namespace (>= 1.3.1)
    sidekiq-failures (0.4.3)
      sidekiq (>= 2.16.0)
    simple-random (0.10.0)
    simple_form (3.1.0.rc1)
      actionpack (~> 4.0)
      activemodel (~> 4.0)
    simple_oauth (0.2.0)
    sinatra (1.4.5)
      rack (~> 1.4)
      rack-protection (~> 1.4)
      tilt (~> 1.3, >= 1.3.4)
    slick_rails (1.3.7)
      railties (>= 3.1)
    slim (2.0.3)
      temple (~> 0.6.6)
      tilt (>= 1.3.3, < 2.1)
    slim-rails (2.1.5)
      actionpack (>= 3.0, < 4.2)
      activesupport (>= 3.0, < 4.2)
      railties (>= 3.0, < 4.2)
      slim (~> 2.0)
    split (0.7.2)
      redis (>= 2.1)
      redis-namespace (>= 1.1.0)
      simple-random
      sinatra (>= 1.2.6)
    spoon (0.0.4)
      ffi
    spring (1.1.3)
    sprockets (2.11.0)
      hike (~> 1.2)
      multi_json (~> 1.0)
      rack (~> 1.0)
      tilt (~> 1.1, != 1.3.0)
    sprockets-rails (2.0.1)
      actionpack (>= 3.0)
      activesupport (>= 3.0)
      sprockets (~> 2.8)
    subexec (0.2.3)
    sundawg_country_codes (0.0.7)
    temple (0.6.8)
    text_sanitizer (0.1.0)
      rails (>= 3.0.0)
      sanitize
    therubyracer (0.12.0)
      libv8 (~> 3.16.14.0)
      ref
    thor (0.19.1)
    thread_safe (0.3.4)
    tilt (1.4.1)
    timers (1.1.0)
    tinymce-rails (4.1.5)
      railties (>= 3.1.1)
    tire (0.5.5)
      activemodel (>= 3.0)
      activesupport
      hashr (~> 0.0.19)
      multi_json (~> 1.3)
      rake
      rest-client (~> 1.6)
    truncate_html (0.9.2)
    twitter (5.11.0)
      addressable (~> 2.3)
      buftok (~> 0.2.0)
      equalizer (~> 0.0.9)
      faraday (~> 0.9.0)
      http (~> 0.6.0)
      http_parser.rb (~> 0.6.0)
      json (~> 1.8)
      memoizable (~> 0.4.0)
      naught (~> 1.0)
      simple_oauth (~> 0.2.0)
    tzinfo (1.2.2)
      thread_safe (~> 0.1)
    uglifier (2.3.1)
      execjs (>= 0.3.0)
      json (>= 1.8.0)
    unicorn (4.7.0)
      kgio (~> 2.6)
      rack
      raindrops (~> 0.7)
    uniform_notifier (1.6.2)
    uuidtools (2.1.4)
    vimeo (1.5.3)
      httparty (>= 0.4.5)
      httpclient (>= 2.1.5.2)
      json (>= 1.1.9)
      multipart-post (>= 1.0.1)
      oauth (>= 0.4.3)
    warden (1.2.3)
      rack (>= 1.0)
    will_paginate (3.0.4)
    workflow (1.0.0)
    yajl-ruby (1.1.0)
    zocial-rails (1.0.2)
      railties (>= 3.1)

PLATFORMS
  ruby

DEPENDENCIES
  asset_sync (= 1.0.0)
  auto_html (= 1.6.3)
  autoscaler (= 0.9.0)
  aws-sdk (= 1.33.0)
  bootstrap-sass (= 3.1.1.0)
  bootstrap-will_paginate (= 0.0.10)
  bootstrap3-datetimepicker-rails (= 3.1.3)
  bullet
  cancan (= 1.6.10)
  carrierwave (= 0.9.0)
  cashier (= 0.4.1)
  chart-js-rails
  coffee-rails (= 4.0.1)
  compass-rails (= 1.1.2)
  country_select (= 1.1.3)
  dalli (= 2.7.0)
  devise (= 3.2.2)
  devise_invitable (= 1.3.0)
  dotenv-rails
  draper (= 1.3.0)
  fog (= 1.15.0)
  font-awesome-rails (= 4.1.0.0)
  foreman
  geocoder (= 1.2.5)
  gibbon (= 1.1.1)
  github-linguist (= 2.11.5)
  gmaps4rails (= 2.1.2)
  google_visualr (= 2.2.0)
  heroku-forward (= 0.4.0)
  hpricot (= 0.8.6)
  impressionist (= 1.4.13)
  ipcat (= 1.2.2)
  jquery-rails (= 3.0.4)
  jquery-ui-rails (= 4.1.0)
  mini_magick (= 3.7.0)
  mixpanel (= 4.0.8)
  momentjs-rails (= 2.8.1)
  monologue (= 0.4.0)!
  nested_form (= 0.3.2)
  newrelic_rpm (= 3.6.9.171)
  nokogiri (= 1.6.0)
  omniauth-facebook (= 1.5.1)
  omniauth-github (= 1.0.0)
  omniauth-gplus (= 1.2.0)
  omniauth-oauth (= 1.0.1)
  omniauth-oauth2 (= 1.1.1)
  omniauth-twitter (= 1.0.1)
  pg (= 0.17.0)
  premailer-rails (= 1.7.0)
  protected_attributes (= 1.0.7)
  pygments.rb (= 0.5.4)
  quiet_assets
  rack-attack (= 4.1.0)
  rack-timeout (= 0.0.4)
  rails (= 4.1.6)
  rails-assets-medium-editor (= 1.8.14)
  rails-assets-underscore (= 1.7.0)
  rails-observers (= 0.1.2)
  rails_12factor
  redis (= 3.0.6)
  redis-namespace (= 1.5.0)
  rest-client (= 1.6.7)
  rspec-rails
  ruby-prof
  sanitize (= 2.0.6)
  sass-rails (= 4.0.2)
  sendgrid (= 1.2.0)
  sidekiq (= 3.0.0)
  sidekiq-failures (= 0.4.3)
  simple_form (= 3.1.0.rc1)
  sinatra (>= 1.3.0)
  slick_rails (= 1.3.7)
  slim-rails (= 2.1.5)
  split (= 0.7.2)
  spring
  sundawg_country_codes (= 0.0.7)
  text_sanitizer (= 0.1.0)
  therubyracer (= 0.12.0)
  tinymce-rails (= 4.1.5)
  tire (= 0.5.5)
  twitter (= 5.11.0)
  uglifier (= 2.3.1)
  unicorn (= 4.7.0)
  vimeo (= 1.5.3)
  will_paginate (= 3.0.4)
  workflow (= 1.0.0)
  zocial-rails (= 1.0.2)
